GEM
  remote: https://rubygems.org/
  specs:
    adwaita (4.2.5)
      gtk4 (= 4.2.5)
    atk (4.2.5)
      glib2 (= 4.2.5)
    cairo (1.17.14)
      native-package-installer (>= 1.0.3)
      pkg-config (>= 1.2.2)
      red-colors
    cairo-gobject (4.2.5)
      cairo (>= 1.16.2)
      glib2 (= 4.2.5)
    colorize (1.1.0)
    erubi (1.13.1)
    fast_gettext (2.4.0)
      prime
    fiddle (1.1.6)
    forwardable (1.3.3)
    gdk4 (4.2.5)
      cairo-gobject (= 4.2.5)
      gdk_pixbuf2 (= 4.2.5)
      pango (= 4.2.5)
    gdk_pixbuf2 (4.2.5)
      gio2 (= 4.2.5)
    gettext (3.5.0)
      erubi
      locale (>= 2.0.5)
      prime
      racc
      text (>= 1.3.0)
    gettext-setup (1.1.0)
      fast_gettext (~> 2.1)
      gettext (~> 3.4)
      locale
    gio2 (4.2.5)
      fiddle
      gobject-introspection (= 4.2.5)
    glib2 (4.2.5)
      native-package-installer (>= 1.0.3)
      pkg-config (>= 1.3.5)
    gobject-introspection (4.2.5)
      glib2 (= 4.2.5)
    gtk4 (4.2.5)
      atk (= 4.2.5)
      gdk4 (= 4.2.5)
    json (2.9.1)
    locale (2.1.4)
    matrix (0.4.2)
    native-package-installer (1.1.9)
    pango (4.2.5)
      cairo-gobject (= 4.2.5)
      gobject-introspection (= 4.2.5)
    pkg-config (1.5.8)
    prime (0.1.3)
      forwardable
      singleton
    racc (1.8.1)
    red-colors (0.4.0)
      json
      matrix
    shellwords (0.2.2)
    singleton (0.3.0)
    text (1.3.1)

PLATFORMS
  x64-mingw-ucrt

DEPENDENCIES
  adwaita
  colorize
  gettext
  gettext-setup
  gtk4
  shellwords

BUNDLED WITH
   2.4.16
